GEM
  remote: https://rubygems.org/
  specs:
    artii (2.1.1)
    domain_name (0.5.24)
      unf (>= 0.0.5, < 1.0.0)
    eventmachine (1.0.7)
    faraday (0.9.1)
      multipart-post (>= 1.2, < 3)
    faye-websocket (0.9.2)
      eventmachine (>= 0.12.0)
      websocket-driver (>= 0.5.1)
    http-cookie (1.0.2)
      domain_name (~> 0.5)
    http_router (0.11.1)
      rack (>= 1.0.0)
      url_mount (~> 0.2.1)
    i18n (0.7.0)
    ice_nine (0.11.1)
    lita (4.4.3)
      bundler (>= 1.3)
      faraday (>= 0.8.7)
      http_router (>= 0.11.1)
      i18n (>= 0.6.9)
      ice_nine (>= 0.11.0)
      multi_json (>= 1.7.7)
      puma (>= 2.7.1)
      rack (>= 1.5.2)
      rb-readline (>= 0.5.1)
      redis-namespace (>= 1.3.0)
      thor (>= 0.18.1)
    lita-ascii-art (0.0.3)
      artii (>= 2.0.4)
      lita (>= 3.0.0)
    lita-crazycaps (0.0.1)
      lita (>= 2.7)
    lita-custom-meme (1.0.0)
      lita (>= 4.0)
    lita-days (0.1.0)
      lita (>= 4.3)
    lita-directions (1.0.2)
      lita (>= 4.1)
      rest-client
    lita-excuses (0.0.6)
      lita (>= 2.2)
      nokogiri
    lita-giphy (1.0.2)
      lita (>= 2.0)
    lita-google (1.1.0)
      lita (>= 4.0)
    lita-google-images (2.0.0)
      lita (>= 4.0)
    lita-howdoi (0.0.3)
      lita (>= 4.2)
      nokogiri
    lita-likeaboss (1.1.0)
      lita (~> 4.0)
    lita-roll (1.0.1)
      lita
    lita-rules (0.0.1)
      lita (>= 3.0)
    lita-slack (1.5.0)
      eventmachine
      faraday
      faye-websocket (>= 0.8.0)
      lita (>= 4.4.2)
      multi_json
    lita-wtf (1.0.0)
      lita (>= 4.0)
    mime-types (2.6.1)
    mini_portile (0.6.2)
    multi_json (1.11.1)
    multipart-post (2.0.0)
    netrc (0.10.3)
    nokogiri (1.6.6.2)
      mini_portile (~> 0.6.0)
    puma (2.11.3)
      rack (>= 1.1, < 2.0)
    rack (1.6.4)
    rb-readline (0.5.3)
    redis (3.2.1)
    redis-namespace (1.5.2)
      redis (~> 3.0, >= 3.0.4)
    rest-client (1.8.0)
      http-cookie (>= 1.0.2, < 2.0)
      mime-types (>= 1.16, < 3.0)
      netrc (~> 0.7)
    thor (0.19.1)
    unf (0.1.4)
      unf_ext
    unf_ext (0.0.7.1)
    url_mount (0.2.1)
      rack
    websocket-driver (0.5.4)
      websocket-extensions (>= 0.1.0)
    websocket-extensions (0.1.2)

PLATFORMS
  ruby

DEPENDENCIES
  lita
  lita-ascii-art
  lita-crazycaps
  lita-custom-meme
  lita-days
  lita-directions
  lita-excuses
  lita-giphy
  lita-google
  lita-google-images
  lita-howdoi
  lita-likeaboss
  lita-roll
  lita-rules
  lita-slack
  lita-wtf

BUNDLED WITH
   1.10.3
